GIT
  remote: git://github.com/karimAlaa/ruby-saml.git
  revision: 85e1ac74d4a57a68b7db1ebd2acd96781f327ced
  specs:
    ruby-saml (0.4.7)
      addressable
      canonix (~> 0.1)
      uuid (~> 2.3)

GIT
  remote: https://github.com/bo-oz/vimeo_me2.git
  revision: 1023e7c02f358f3d4d6d2c8ea9b84423d75c204e
  specs:
    vimeo_me2 (1.2.1)
      httparty (~> 0.14.0)

GEM
  remote: https://rubygems.org/
  specs:
    actioncable (5.1.7)
      actionpack (= 5.1.7)
      nio4r (~> 2.0)
      websocket-driver (~> 0.6.1)
    actionmailer (5.1.7)
      actionpack (= 5.1.7)
      actionview (= 5.1.7)
      activejob (= 5.1.7)
      mail (~> 2.5, >= 2.5.4)
      rails-dom-testing (~> 2.0)
    actionpack (5.1.7)
      actionview (= 5.1.7)
      activesupport (= 5.1.7)
      rack (~> 2.0)
      rack-test (>= 0.6.3)
      rails-dom-testing (~> 2.0)
      rails-html-sanitizer (~> 1.0, >= 1.0.2)
    actionview (5.1.7)
      activesupport (= 5.1.7)
      builder (~> 3.1)
      erubi (~> 1.4)
      rails-dom-testing (~> 2.0)
      rails-html-sanitizer (~> 1.0, >= 1.0.3)
    activejob (5.1.7)
      activesupport (= 5.1.7)
      globalid (>= 0.3.6)
    activemodel (5.1.7)
      activesupport (= 5.1.7)
    activemodel-serializers-xml (1.0.2)
      activemodel (> 5.x)
      activesupport (> 5.x)
      builder (~> 3.1)
    activerecord (5.1.7)
      activemodel (= 5.1.7)
      activesupport (= 5.1.7)
      arel (~> 8.0)
    activeresource (5.1.0)
      activemodel (>= 5.0, < 7)
      activemodel-serializers-xml (~> 1.0)
      activesupport (>= 5.0, < 7)
    activesupport (5.1.7)
      concurrent-ruby (~> 1.0, >= 1.0.2)
      i18n (>= 0.7, < 2)
      minitest (~> 5.1)
      tzinfo (~> 1.1)
    addressable (2.6.0)
      public_suffix (>= 2.0.2, < 4.0)
    aes_key_wrap (1.0.1)
    aescrypt (1.0.0)
    arel (8.0.0)
    bcrypt (3.1.12)
    bindata (2.4.4)
    builder (3.2.3)
    byebug (11.0.1)
    cancancan (2.3.0)
    canonix (0.1.5)
    concurrent-ruby (1.1.5)
    crass (1.0.4)
    delayed_job (4.1.5)
      activesupport (>= 3.0, < 5.3)
    delayed_job_active_record (4.1.3)
      activerecord (>= 3.0, < 5.3)
      delayed_job (>= 3.0, < 5)
    devise (4.4.3)
      bcrypt (~> 3.0)
      orm_adapter (~> 0.1)
      railties (>= 4.1.0, < 6.0)
      responders
      warden (~> 1.2.3)
    devise_token_auth (0.1.43)
      devise (> 3.5.2, < 4.5)
      rails (< 6)
    docile (1.3.1)
    erubi (1.8.0)
    faraday (0.15.4)
      multipart-post (>= 1.2, < 3)
    faraday_middleware (0.13.1)
      faraday (>= 0.7.4, < 1.0)
    ffi (1.11.1)
    globalid (0.4.2)
      activesupport (>= 4.2.0)
    hodel_3000_compliant_logger (0.1.1)
    httparty (0.14.0)
      multi_xml (>= 0.5.2)
    i18n (1.6.0)
      concurrent-ruby (~> 1.0)
    ims-lti (2.2.3)
      addressable (~> 2.5, >= 2.5.1)
      builder (~> 3.2)
      faraday (~> 0.8)
      faraday_middleware (~> 0.8)
      json-jwt (~> 1.7)
      simple_oauth (~> 0.3.1)
    influxdb (0.7.0)
    json (2.2.0)
    json-jwt (1.10.1)
      activesupport (>= 4.2)
      aes_key_wrap
      bindata
    listen (3.1.5)
      rb-fsevent (~> 0.9, >= 0.9.4)
      rb-inotify (~> 0.9, >= 0.9.7)
      ruby_dep (~> 1.2)
    lograge (0.11.1)
      actionpack (>= 4)
      activesupport (>= 4)
      railties (>= 4)
      request_store (~> 1.0)
    logstash-event (1.2.02)
    loofah (2.2.3)
      crass (~> 1.0.2)
      nokogiri (>= 1.5.9)
    macaddr (1.7.1)
      systemu (~> 2.6.2)
    mail (2.7.1)
      mini_mime (>= 0.1.1)
    memory_profiler (0.9.13)
    method_source (0.9.2)
    mini_mime (1.0.1)
    mini_portile2 (2.4.0)
    minitest (5.11.3)
    multi_xml (0.6.0)
    multipart-post (2.1.1)
    newrelic_rpm (6.3.0.355)
    nio4r (2.3.1)
    nokogiri (1.10.3)
      mini_portile2 (~> 2.4.0)
    oink (0.10.1)
      activerecord
      hodel_3000_compliant_logger
    orm_adapter (0.5.0)
    pg (0.21.0)
    public_suffix (3.1.0)
    puma (3.12.1)
    rack (2.0.7)
    rack-block (0.2.0)
      rack (>= 1.3)
    rack-cors (1.0.3)
    rack-test (1.1.0)
      rack (>= 1.0, < 3)
    rack-timeout (0.5.1)
    rails (5.1.7)
      actioncable (= 5.1.7)
      actionmailer (= 5.1.7)
      actionpack (= 5.1.7)
      actionview (= 5.1.7)
      activejob (= 5.1.7)
      activemodel (= 5.1.7)
      activerecord (= 5.1.7)
      activesupport (= 5.1.7)
      bundler (>= 1.3.0)
      railties (= 5.1.7)
      sprockets-rails (>= 2.0.0)
    rails-dom-testing (2.0.3)
      activesupport (>= 4.2.0)
      nokogiri (>= 1.6)
    rails-html-sanitizer (1.0.4)
      loofah (~> 2.2, >= 2.2.2)
    railties (5.1.7)
      actionpack (= 5.1.7)
      activesupport (= 5.1.7)
      method_source
      rake (>= 0.8.7)
      thor (>= 0.18.1, < 2.0)
    rake (12.3.2)
    rb-fsevent (0.10.3)
    rb-inotify (0.10.0)
      ffi (~> 1.0)
    request_store (1.4.1)
      rack (>= 1.4)
    responders (2.4.1)
      actionpack (>= 4.2.0, < 6.0)
      railties (>= 4.2.0, < 6.0)
    retries (0.0.5)
    roboto (1.0.1)
      rails (>= 4.2)
    ruby_dep (1.5.0)
    rubyzip (1.2.3)
    settingslogic (2.0.9)
    simple_oauth (0.3.1)
    simplecov (0.16.1)
      docile (~> 1.1)
      json (>= 1.8, < 3)
      simplecov-html (~> 0.10.0)
    simplecov-html (0.10.2)
    spring (2.0.2)
      activesupport (>= 4.2)
    spring-watcher-listen (2.0.1)
      listen (>= 2.7, < 4.0)
      spring (>= 1.2, < 3.0)
    sprockets (3.7.2)
      concurrent-ruby (~> 1.0)
      rack (> 1, < 3)
    sprockets-rails (3.2.1)
      actionpack (>= 4.0)
      activesupport (>= 4.0)
      sprockets (>= 3.0.0)
    systemu (2.6.5)
    thor (0.20.3)
    thread_safe (0.3.6)
    timeliness (0.3.10)
    tzinfo (1.2.5)
      thread_safe (~> 0.1)
    uuid (2.3.9)
      macaddr (~> 1.0)
    validates_timeliness (4.0.2)
      timeliness (~> 0.3.7)
    warden (1.2.8)
      rack (>= 2.0.6)
    websocket-driver (0.6.5)
      websocket-extensions (>= 0.1.0)
    websocket-extensions (0.1.3)
    zip-zip (0.3)
      rubyzip (>= 1.0.0)

PLATFORMS
  ruby

DEPENDENCIES
  activeresource
  aescrypt
  byebug
  cancancan (~> 2.0)
  delayed_job_active_record
  devise_token_auth (~> 0.1.42)
  ims-lti (~> 2.2.3)
  influxdb
  listen (>= 3.0.5, < 3.2)
  lograge
  logstash-event
  memory_profiler
  newrelic_rpm
  oink
  pg (~> 0.18)
  puma (~> 3.7)
  rack-block
  rack-cors (~> 1.0.1)
  rack-timeout
  rails (~> 5.1.4)
  retries
  roboto
  ruby-saml!
  rubyzip (>= 1.0.0)
  settingslogic
  simplecov
  spring
  spring-watcher-listen (~> 2.0.0)
  tzinfo-data
  validates_timeliness (~> 4.0)
  vimeo_me2!
  zip-zip

RUBY VERSION
   ruby 2.4.4p296

BUNDLED WITH
   1.16.6
